GEM
  remote: https://rubygems.org/
  specs:
    coderay (1.1.2)
    cosmos (4.2.4)
      bundler (~> 1.3)
      httpclient (~> 2.8)
      json (>= 1.5, < 3)
      nokogiri (~> 1.6)
      opengl-bindings (~> 1.6)
      pry (~> 0.9)
      pry-doc (~> 0.5)
      puma (~> 3.10)
      qtbindings (~> 4.8.6, >= 4.8.6.2)
      rack (~> 2.0)
      rake (>= 10.0)
      rdoc (>= 4)
      rubyzip (~> 1.2)
      snmp (~> 1.0)
      uuidtools (~> 2.1)
      yard (~> 0.9.11)
    httpclient (2.8.3)
    json (2.1.0)
    method_source (0.9.0)
    mini_portile2 (2.3.0)
    nokogiri (1.8.4-x64-mingw32)
      mini_portile2 (~> 2.3.0)
    opengl-bindings (1.6.6)
    pry (0.11.3)
      coderay (~> 1.1.0)
      method_source (~> 0.9.0)
    pry-doc (0.13.4)
      pry (~> 0.11)
      yard (~> 0.9.11)
    puma (3.12.0)
    qtbindings (4.8.6.5-x64-mingw32)
      qtbindings-qt (~> 4.8.6.0, >= 4.8.6.4)
    qtbindings-qt (4.8.6.4-x64-mingw32)
    rack (2.0.5)
    rake (12.3.1)
    rdoc (6.0.4)
    rubyzip (1.2.1)
    snmp (1.2.0)
    uuidtools (2.1.5)
    yard (0.9.15)

PLATFORMS
  x64-mingw32

DEPENDENCIES
  cosmos

BUNDLED WITH
   1.16.2
